GEM
  remote: http://rubygems.org/
  specs:
    guess_html_encoding (0.0.7)
    nokogiri (1.5.6)

PLATFORMS
  ruby

DEPENDENCIES
  guess_html_encoding
  nokogiri
